GEM
  remote: https://rubygems.org/
  specs:
    diff-lcs (1.5.0)
    equatable (0.5.0)
    httparty (0.20.0)
      mime-types (~> 3.0)
      multi_xml (>= 0.5.2)
    mime-types (3.4.1)
      mime-types-data (~> 3.2015)
    mime-types-data (3.2022.0105)
    multi_xml (0.6.0)
    necromancer (0.3.0)
    nyan-cat-formatter (0.12.0)
      rspec (>= 2.99, >= 2.14.2, < 4)
    pastel (0.6.1)
      equatable (~> 0.5.0)
      tty-color (~> 0.3.0)
    rainbow (3.1.1)
    rspec (3.11.0)
      rspec-core (~> 3.11.0)
      rspec-expectations (~> 3.11.0)
      rspec-mocks (~> 3.11.0)
    rspec-core (3.11.0)
      rspec-support (~> 3.11.0)
    rspec-expectations (3.11.0)
      diff-lcs (>= 1.2.0, < 2.0)
      rspec-support (~> 3.11.0)
    rspec-mocks (3.11.0)
      diff-lcs (>= 1.2.0, < 2.0)
      rspec-support (~> 3.11.0)
    rspec-support (3.11.0)
    tty-color (0.3.0)
    tty-cursor (0.3.0)
    tty-font (0.5.0)
    tty-platform (0.1.0)
    tty-prompt (0.6.0)
      necromancer (~> 0.3.0)
      pastel (~> 0.6.0)
      tty-cursor (~> 0.3.0)
      tty-platform (~> 0.1.0)
      wisper (~> 1.6.1)
    wisper (1.6.1)

PLATFORMS
  x86_64-darwin-20

DEPENDENCIES
  httparty (~> 0.20.0)
  nyan-cat-formatter (~> 0.12.0)
  rainbow (~> 3.1)
  rspec (~> 3.11)
  tty-font (~> 0.5.0)
  tty-prompt (~> 0.6.0)

BUNDLED WITH
   2.3.9
